PATH
  remote: vendor/extensions
  specs:
    refinerycms-blogs (1.0)
      refinerycms-core (~> 2.1.1)
    refinerycms-ears (1.0)
      refinerycms-core (~> 2.1.2)
    refinerycms-editors_picks (1.0)
      refinerycms-core (~> 2.1.2)
    refinerycms-elephants (1.0)
      refinerycms-core (~> 2.1.2)
    refinerycms-entertainments (1.0)
      refinerycms-core (~> 2.1.2)
    refinerycms-finances (1.0)
      refinerycms-core (~> 2.1.2)
    refinerycms-headlines (1.0)
      refinerycms-core (~> 2.1.1)
    refinerycms-latests (1.0)
      refinerycms-core (~> 2.1.2)
    refinerycms-mainpages (1.0)
      refinerycms-core (~> 2.1.1)
    refinerycms-news_sections (1.0)
      refinerycms-core (~> 2.1.2)
    refinerycms-opinion_mainpages (1.0)
      refinerycms-core (~> 2.1.2)
    refinerycms-opinions (1.0)
      refinerycms-core (~> 2.1.1)
    refinerycms-politics (1.0)
      refinerycms-core (~> 2.1.2)
    refinerycms-randoms (1.0)
      refinerycms-core (~> 2.1.1)
    refinerycms-redirects (1.0)
      refinerycms-core (~> 2.1.1)
    refinerycms-southern_minutes (1.0)
      refinerycms-core (~> 2.1.2)
    refinerycms-specials (1.0)
      refinerycms-core (~> 2.1.1)
    refinerycms-sports (1.0)
      refinerycms-core (~> 2.1.2)
    refinerycms-stories (1.0)
      refinerycms-core (~> 2.1.1)
    refinerycms-subsections (1.0)
      refinerycms-core (~> 2.1.1)
    refinerycms-technologies (1.0)
      refinerycms-core (~> 2.1.2)
    refinerycms-worlds (1.0)
      refinerycms-core (~> 2.1.2)

GEM
  remote: https://rubygems.org/
  specs:
    actionmailer (3.2.15)
      actionpack (= 3.2.15)
      mail (~> 2.5.4)
    actionpack (3.2.15)
      activemodel (= 3.2.15)
      activesupport (= 3.2.15)
      builder (~> 3.0.0)
      erubis (~> 2.7.0)
      journey (~> 1.0.4)
      rack (~> 1.4.5)
      rack-cache (~> 1.2)
      rack-test (~> 0.6.1)
      sprockets (~> 2.2.1)
    activemodel (3.2.15)
      activesupport (= 3.2.15)
      builder (~> 3.0.0)
    activerecord (3.2.15)
      activemodel (= 3.2.15)
      activesupport (= 3.2.15)
      arel (~> 3.0.2)
      tzinfo (~> 0.3.29)
    activeresource (3.2.15)
      activemodel (= 3.2.15)
      activesupport (= 3.2.15)
    activesupport (3.2.15)
      i18n (~> 0.6, >= 0.6.4)
      multi_json (~> 1.0)
    acts_as_indexed (0.8.3)
    addressable (2.3.6)
    arel (3.0.3)
    awesome_nested_set (2.1.6)
      activerecord (>= 3.0.0)
    babosa (0.3.11)
    bcrypt (3.1.7)
    bcrypt-ruby (3.1.5)
      bcrypt (>= 3.1.3)
    builder (3.0.4)
    coffee-rails (3.2.2)
      coffee-script (>= 2.2.0)
      railties (~> 3.2.0)
    coffee-script (2.2.0)
      coffee-script-source
      execjs
    coffee-script-source (1.7.0)
    decorators (1.0.3)
      railties (>= 3.0.19, != 3.2.9, != 3.2.8, != 3.2.7, != 3.2.6, != 3.2.5, != 3.2.4, != 3.2.3, != 3.2.2, != 3.2.10, != 3.2.1, != 3.2.0, != 3.1.9, != 3.1.8, != 3.1.7, != 3.1.6, != 3.1.5, != 3.1.4, != 3.1.3, != 3.1.2, != 3.1.1, != 3.1.0)
    devise (2.2.8)
      bcrypt-ruby (~> 3.0)
      orm_adapter (~> 0.1)
      railties (~> 3.1)
      warden (~> 1.2.1)
    dragonfly (0.9.15)
      multi_json (~> 1.0)
      rack
    erubis (2.7.0)
    excon (0.31.0)
    execjs (2.0.2)
    fog (1.19.0)
      builder
      excon (~> 0.31.0)
      formatador (~> 0.2.0)
      mime-types
      multi_json (~> 1.0)
      net-scp (~> 1.1)
      net-ssh (>= 2.1.3)
      nokogiri (~> 1.5)
      ruby-hmac
    formatador (0.2.4)
    friendly_id (4.0.10.1)
      activerecord (>= 3.0, < 4.0)
    globalize (3.1.0)
      activemodel (>= 3.1.0, < 4.0.0)
      activerecord (>= 3.1.0, < 4.0.0)
    heroku (3.2.2)
      heroku-api (~> 0.3.7)
      launchy (>= 0.3.2)
      netrc (~> 0.7.7)
      rest-client (~> 1.6.1)
      rubyzip
    heroku-api (0.3.16)
      excon (~> 0.27)
      multi_json (~> 1.8.2)
    hike (1.2.3)
    i18n (0.6.9)
    journey (1.0.4)
    jquery-rails (2.3.0)
      railties (>= 3.0, < 5.0)
      thor (>= 0.14, < 2.0)
    json (1.8.1)
    launchy (2.4.2)
      addressable (~> 2.3)
    mail (2.5.4)
      mime-types (~> 1.16)
      treetop (~> 1.4.8)
    mime-types (1.25.1)
    mini_portile (0.5.3)
    multi_json (1.8.4)
    net-scp (1.2.1)
      net-ssh (>= 2.6.5)
    net-ssh (2.9.0)
    netrc (0.7.7)
    nokogiri (1.6.1)
      mini_portile (~> 0.5.0)
    orm_adapter (0.5.0)
    pg (0.17.1)
    polyglot (0.3.4)
    rack (1.4.5)
    rack-cache (1.2)
      rack (>= 0.4)
    rack-ssl (1.3.4)
      rack
    rack-test (0.6.2)
      rack (>= 1.0)
    rails (3.2.15)
      actionmailer (= 3.2.15)
      actionpack (= 3.2.15)
      activerecord (= 3.2.15)
      activeresource (= 3.2.15)
      activesupport (= 3.2.15)
      bundler (~> 1.0)
      railties (= 3.2.15)
    rails-i18n (0.7.4)
      i18n (~> 0.5)
    railties (3.2.15)
      actionpack (= 3.2.15)
      activesupport (= 3.2.15)
      rack-ssl (~> 1.3.2)
      rake (>= 0.8.7)
      rdoc (~> 3.4)
      thor (>= 0.14.6, < 2.0)
    rake (10.3.1)
    rdoc (3.12.2)
      json (~> 1.4)
    refinerycms (2.1.2)
      bundler (>= 1.2.2, < 2.0)
      refinerycms-authentication (= 2.1.2)
      refinerycms-core (= 2.1.2)
      refinerycms-dashboard (= 2.1.2)
      refinerycms-images (= 2.1.2)
      refinerycms-pages (= 2.1.2)
      refinerycms-resources (= 2.1.2)
    refinerycms-acts-as-indexed (1.0.0)
      acts_as_indexed (~> 0.8.0)
      refinerycms-core (~> 2.1.0)
    refinerycms-authentication (2.1.2)
      actionmailer (>= 3.1.11, < 3.3, != 3.2.9, != 3.2.8, != 3.2.7, != 3.2.6, != 3.2.5, != 3.2.4, != 3.2.3, != 3.2.2, != 3.2.11, != 3.2.10, != 3.2.1, != 3.2.0)
      devise (~> 2.2.3)
      refinerycms-core (= 2.1.2)
    refinerycms-core (2.1.2)
      actionpack (>= 3.1.11, < 3.3, != 3.2.9, != 3.2.8, != 3.2.7, != 3.2.6, != 3.2.5, != 3.2.4, != 3.2.3, != 3.2.2, != 3.2.11, != 3.2.10, != 3.2.1, != 3.2.0)
      activerecord (>= 3.1.11, < 3.3, != 3.2.9, != 3.2.8, != 3.2.7, != 3.2.6, != 3.2.5, != 3.2.4, != 3.2.3, != 3.2.2, != 3.2.11, != 3.2.10, != 3.2.1, != 3.2.0)
      awesome_nested_set (~> 2.1.3)
      decorators (~> 1.0.0)
      jquery-rails (~> 2.3.0)
      railties (>= 3.1.11, < 3.3, != 3.2.9, != 3.2.8, != 3.2.7, != 3.2.6, != 3.2.5, != 3.2.4, != 3.2.3, != 3.2.2, != 3.2.11, != 3.2.10, != 3.2.1, != 3.2.0)
      refinerycms-i18n (~> 2.1.0)
      sass-rails (~> 3.2.3)
      truncate_html (~> 0.9)
      will_paginate (~> 3.0.2)
    refinerycms-dashboard (2.1.2)
      refinerycms-core (= 2.1.2)
    refinerycms-i18n (2.1.0)
      rails-i18n (~> 0.7.3)
      routing-filter (~> 0.3.0)
    refinerycms-images (2.1.2)
      dragonfly (~> 0.9.14)
      refinerycms-core (= 2.1.2)
    refinerycms-pages (2.1.2)
      awesome_nested_set (~> 2.1.3)
      babosa (!= 0.3.6)
      friendly_id (~> 4.0.9)
      globalize (~> 3.1.0)
      refinerycms-core (= 2.1.2)
      seo_meta (~> 1.4.0)
    refinerycms-resources (2.1.2)
      acts_as_indexed (~> 0.8.0)
      dragonfly (~> 0.9.12)
      refinerycms-core (= 2.1.2)
    rest-client (1.6.7)
      mime-types (>= 1.16)
    routing-filter (0.3.1)
      actionpack
    ruby-hmac (0.4.0)
    rubyzip (1.1.0)
    sass (3.3.4)
    sass-rails (3.2.6)
      railties (~> 3.2.0)
      sass (>= 3.1.10)
      tilt (~> 1.3)
    seo_meta (1.4.0)
      railties (>= 3.0.0)
    sprockets (2.2.2)
      hike (~> 1.2)
      multi_json (~> 1.0)
      rack (~> 1.0)
      tilt (~> 1.1, != 1.3.0)
    sqlite3 (1.3.9)
    thor (0.19.1)
    tilt (1.4.1)
    treetop (1.4.15)
      polyglot
      polyglot (>= 0.3.1)
    truncate_html (0.9.2)
    tzinfo (0.3.39)
    uglifier (2.5.0)
      execjs (>= 0.3.0)
      json (>= 1.8.0)
    warden (1.2.3)
      rack (>= 1.0)
    will_paginate (3.0.5)

PLATFORMS
  ruby

DEPENDENCIES
  coffee-rails (~> 3.2.1)
  fog
  friendly_id
  heroku
  jquery-rails
  pg
  rails (= 3.2.15)
  refinerycms (~> 2.1.0)
  refinerycms-acts-as-indexed (~> 1.0.0)
  refinerycms-blogs!
  refinerycms-ears!
  refinerycms-editors_picks!
  refinerycms-elephants!
  refinerycms-entertainments!
  refinerycms-finances!
  refinerycms-headlines!
  refinerycms-latests!
  refinerycms-mainpages!
  refinerycms-news_sections!
  refinerycms-opinion_mainpages!
  refinerycms-opinions!
  refinerycms-politics!
  refinerycms-randoms!
  refinerycms-redirects!
  refinerycms-southern_minutes!
  refinerycms-specials!
  refinerycms-sports!
  refinerycms-stories!
  refinerycms-subsections!
  refinerycms-technologies!
  refinerycms-worlds!
  sass-rails (~> 3.2.3)
  sqlite3
  uglifier (>= 1.0.3)
